GEM
  remote: http://rubygems.org/
  specs:
    byebug (3.5.1)
      columnize (~> 0.8)
      debugger-linecache (~> 1.2)
      slop (~> 3.6)
    columnize (0.8.9)
    debugger-linecache (1.2.0)
    hex_string (1.0.1)
    logger (1.2.8)
    mini_portile (0.5.2)
    nokogiri (1.6.1)
      mini_portile (~> 0.5.0)
    slop (3.6.0)

PLATFORMS
  ruby

DEPENDENCIES
  byebug
  hex_string (~> 1.0.1)
  logger
  nokogiri
